GIT
  remote: https://0cc2cbe34f429d9ef04791732545a9079963653c@github.com/appliedblockchain/ethereum
  revision: 1a3860cb513c97dd44aa1b06efffd6967da8773b
  specs:
    ethereum (0.4.2)
      digest-sha3

PATH
  remote: .
  specs:
    bapp_models (0.2.3)
      bitcoin-ruby (= 0.0.10)
      bitcoin-secp256k1 (~> 0.4.0)
      ffi (~> 1.9.18)
      inflecto (= 0.0.2)
      oj (~> 3.0)
      redis (~> 3.3)
      rlp (~> 0.7.3)
      sha3 (~> 1.0.1)
      virtus (~> 1.0)

GEM
  remote: https://rubygems.org/
  specs:
    axiom-types (0.1.1)
      descendants_tracker (~> 0.0.4)
      ice_nine (~> 0.11.0)
      thread_safe (~> 0.3, >= 0.3.1)
    bitcoin-ruby (0.0.10)
    bitcoin-secp256k1 (0.4.0)
      ffi (>= 1.9.10)
    coercible (1.0.0)
      descendants_tracker (~> 0.0.1)
    descendants_tracker (0.0.4)
      thread_safe (~> 0.3, >= 0.3.1)
    diff-lcs (1.3)
    digest-sha3 (1.1.0)
    equalizer (0.0.11)
    ffi (1.9.18)
    ice_nine (0.11.2)
    inflecto (0.0.2)
    oj (3.1.3)
    rake (10.5.0)
    redis (3.3.3)
    rlp (0.7.3)
    rspec (3.6.0)
      rspec-core (~> 3.6.0)
      rspec-expectations (~> 3.6.0)
      rspec-mocks (~> 3.6.0)
    rspec-core (3.6.0)
      rspec-support (~> 3.6.0)
    rspec-expectations (3.6.0)
      diff-lcs (>= 1.2.0, < 2.0)
      rspec-support (~> 3.6.0)
    rspec-mocks (3.6.0)
      diff-lcs (>= 1.2.0, < 2.0)
      rspec-support (~> 3.6.0)
    rspec-support (3.6.0)
    sha3 (1.0.1)
    thread_safe (0.3.6)
    virtus (1.0.5)
      axiom-types (~> 0.1)
      coercible (~> 1.0)
      descendants_tracker (~> 0.0, >= 0.0.3)
      equalizer (~> 0.0, >= 0.0.9)

PLATFORMS
  ruby

DEPENDENCIES
  bapp_models!
  bundler (~> 1.14)
  ethereum!
  rake (~> 10.0)
  rspec (~> 3.0)

BUNDLED WITH
   1.15.1
